GEM
  remote: http://rubygems.org/
  specs:
    abstract (1.0.0)
    actionmailer (3.0.19)
      actionpack (= 3.0.19)
      mail (~> 2.2.19)
    actionpack (3.0.19)
      activemodel (= 3.0.19)
      activesupport (= 3.0.19)
      builder (~> 2.1.2)
      erubis (~> 2.6.6)
      i18n (~> 0.5.0)
      rack (~> 1.2.5)
      rack-mount (~> 0.6.14)
      rack-test (~> 0.5.7)
      tzinfo (~> 0.3.23)
    activemodel (3.0.19)
      activesupport (= 3.0.19)
      builder (~> 2.1.2)
      i18n (~> 0.5.0)
    activerecord (3.0.19)
      activemodel (= 3.0.19)
      activesupport (= 3.0.19)
      arel (~> 2.0.10)
      tzinfo (~> 0.3.23)
    activeresource (3.0.19)
      activemodel (= 3.0.19)
      activesupport (= 3.0.19)
    activesupport (3.0.19)
    arel (2.0.10)
    builder (2.1.2)
    daemons (1.1.9)
    erubis (2.6.6)
      abstract (>= 1.0.0)
    eventmachine (1.0.0)
    faraday (0.8.4)
      multipart-post (~> 1.1)
    geokit (1.6.5)
      multi_json
    hashie (1.2.0)
    httpauth (0.2.0)
    i18n (0.5.0)
    json (1.7.6)
    jwt (0.1.5)
      multi_json (>= 1.0)
    mail (2.2.19)
      activesupport (>= 2.3.6)
      i18n (>= 0.4.0)
      mime-types (~> 1.16)
      treetop (~> 1.4.8)
    mime-types (1.19)
    multi_json (1.5.0)
    multipart-post (1.1.5)
    mysql (2.9.0)
    oauth2 (0.8.0)
      faraday (~> 0.8)
      httpauth (~> 0.1)
      jwt (~> 0.1.4)
      multi_json (~> 1.0)
      rack (~> 1.2)
    omniauth (1.1.1)
      hashie (~> 1.2)
      rack
    omniauth-oauth2 (1.1.1)
      oauth2 (~> 0.8.0)
      omniauth (~> 1.0)
    omniauth-youtube (2.1)
      omniauth-oauth2 (~> 1.0)
    polyglot (0.3.3)
    rack (1.2.6)
    rack-mount (0.6.14)
      rack (>= 1.0.0)
    rack-test (0.5.7)
      rack (>= 1.0)
    rails (3.0.19)
      actionmailer (= 3.0.19)
      actionpack (= 3.0.19)
      activerecord (= 3.0.19)
      activeresource (= 3.0.19)
      activesupport (= 3.0.19)
      bundler (~> 1.0)
      railties (= 3.0.19)
    railties (3.0.19)
      actionpack (= 3.0.19)
      activesupport (= 3.0.19)
      rake (>= 0.8.7)
      rdoc (~> 3.4)
      thor (~> 0.14.4)
    rake (0.8.7)
    rdoc (3.12)
      json (~> 1.4)
    simple_oauth (0.2.0)
    thin (1.5.0)
      daemons (>= 1.0.9)
      eventmachine (>= 0.12.6)
      rack (>= 1.0.0)
    thor (0.14.6)
    treetop (1.4.12)
      polyglot
      polyglot (>= 0.3.1)
    twitter (4.4.4)
      faraday (~> 0.8, < 0.10)
      multi_json (~> 1.0)
      simple_oauth (~> 0.2)
    tzinfo (0.3.35)
    will_paginate (3.0.4)

PLATFORMS
  ruby

DEPENDENCIES
  geokit
  mysql
  omniauth
  omniauth-youtube
  rails (= 3.0.19)
  rake (= 0.8.7)
  thin
  twitter
  will_paginate
